GEM
  remote: https://rubygems.org/
  specs:
    actionmailer (4.1.7)
      actionpack (= 4.1.7)
      actionview (= 4.1.7)
      mail (~> 2.5, >= 2.5.4)
    actionpack (4.1.7)
      actionview (= 4.1.7)
      activesupport (= 4.1.7)
      rack (~> 1.5.2)
      rack-test (~> 0.6.2)
    actionview (4.1.7)
      activesupport (= 4.1.7)
      builder (~> 3.1)
      erubis (~> 2.7.0)
    activemodel (4.1.7)
      activesupport (= 4.1.7)
      builder (~> 3.1)
    activerecord (4.1.7)
      activemodel (= 4.1.7)
      activesupport (= 4.1.7)
      arel (~> 5.0.0)
    activesupport (4.1.7)
      i18n (~> 0.6, >= 0.6.9)
      json (~> 1.7, >= 1.7.7)
      minitest (~> 5.1)
      thread_safe (~> 0.1)
      tzinfo (~> 1.1)
    acts_as_list (0.5.0)
      activerecord (>= 3.0)
    arel (5.0.1.20140414130214)
    aws-sdk (1.60.2)
      aws-sdk-v1 (= 1.60.2)
    aws-sdk-v1 (1.60.2)
      json (~> 1.4)
      nokogiri (>= 1.4.4)
    bcrypt (3.1.9)
    bootstrap-sass (3.3.0.1)
      sass (~> 3.2)
    builder (3.2.2)
    capistrano (2.15.5)
      highline
      net-scp (>= 1.0.0)
      net-sftp (>= 2.0.0)
      net-ssh (>= 2.0.14)
      net-ssh-gateway (>= 1.1.0)
    chunky_png (1.3.3)
    climate_control (0.0.3)
      activesupport (>= 3.0)
    cocaine (0.5.4)
      climate_control (>= 0.0.3, < 1.0)
    coffee-rails (4.0.1)
      coffee-script (>= 2.2.0)
      railties (>= 4.0.0, < 5.0)
    coffee-script (2.3.0)
      coffee-script-source
      execjs
    coffee-script-source (1.8.0)
    compass (0.12.7)
      chunky_png (~> 1.2)
      fssm (>= 0.2.7)
      sass (~> 3.2.19)
    compass-rails (2.0.0)
      compass (>= 0.12.2)
    devise (3.4.1)
      bcrypt (~> 3.0)
      orm_adapter (~> 0.1)
      railties (>= 3.2.6, < 5)
      responders
      thread_safe (~> 0.1)
      warden (~> 1.2.3)
    did_you_mean (0.8.0)
      interception
    dotenv (1.0.2)
    erubis (2.7.0)
    exception_notification (4.0.1)
      actionmailer (>= 3.0.4)
      activesupport (>= 3.0.4)
    execjs (2.2.2)
    font-awesome-rails (4.2.0.0)
      railties (>= 3.2, < 5.0)
    fssm (0.2.10)
    highline (1.6.21)
    hike (1.2.3)
    htmlentities (4.3.2)
    i18n (0.6.11)
    interception (0.5)
    jquery-rails (3.1.2)
      railties (>= 3.0, < 5.0)
      thor (>= 0.14, < 2.0)
    json (1.8.1)
    mail (2.6.3)
      mime-types (>= 1.16, < 3)
    mime-types (2.4.3)
    mini_portile (0.6.1)
    minitest (5.4.2)
    multi_json (1.10.1)
    net-scp (1.2.1)
      net-ssh (>= 2.6.5)
    net-sftp (2.1.2)
      net-ssh (>= 2.6.5)
    net-ssh (2.9.1)
    net-ssh-gateway (1.2.0)
      net-ssh (>= 2.6.5)
    nokogiri (1.6.5)
      mini_portile (~> 0.6.0)
    orm_adapter (0.5.0)
    paperclip (4.2.0)
      activemodel (>= 3.0.0)
      activesupport (>= 3.0.0)
      cocaine (~> 0.5.3)
      mime-types
    pg (0.17.1)
    rack (1.5.2)
    rack-test (0.6.2)
      rack (>= 1.0)
    rails (4.1.7)
      actionmailer (= 4.1.7)
      actionpack (= 4.1.7)
      actionview (= 4.1.7)
      activemodel (= 4.1.7)
      activerecord (= 4.1.7)
      activesupport (= 4.1.7)
      bundler (>= 1.3.0, < 2.0)
      railties (= 4.1.7)
      sprockets-rails (~> 2.0)
    rails_12factor (0.0.3)
      rails_serve_static_assets
      rails_stdout_logging
    rails_serve_static_assets (0.0.2)
    rails_stdout_logging (0.0.3)
    railties (4.1.7)
      actionpack (= 4.1.7)
      activesupport (= 4.1.7)
      rake (>= 0.8.7)
      thor (>= 0.18.1, < 2.0)
    rake (10.3.2)
    responders (1.1.1)
      railties (>= 3.2, < 4.2)
    rvm-capistrano (1.5.4)
      capistrano (~> 2.15.4)
    sass (3.2.19)
    sass-rails (4.0.4)
      railties (>= 4.0.0, < 5.0)
      sass (~> 3.2.2)
      sprockets (~> 2.8, < 2.12)
      sprockets-rails (~> 2.0)
    slim (2.0.3)
      temple (~> 0.6.6)
      tilt (>= 1.3.3, < 2.1)
    sprockets (2.11.3)
      hike (~> 1.2)
      multi_json (~> 1.0)
      rack (~> 1.0)
      tilt (~> 1.1, != 1.3.0)
    sprockets-rails (2.2.0)
      actionpack (>= 3.0)
      activesupport (>= 3.0)
      sprockets (>= 2.8, < 4.0)
    temple (0.6.10)
    thor (0.19.1)
    thread_safe (0.3.4)
    tilt (1.4.1)
    tzinfo (1.2.2)
      thread_safe (~> 0.1)
    uglifier (2.5.3)
      execjs (>= 0.3.0)
      json (>= 1.8.0)
    warden (1.2.3)
      rack (>= 1.0)
    will_paginate (3.0.7)
    will_paginate-bootstrap (1.0.1)
      will_paginate (>= 3.0.3)

PLATFORMS
  ruby

DEPENDENCIES
  acts_as_list (~> 0.5.0)
  aws-sdk (~> 1.60.2)
  bootstrap-sass
  capistrano
  coffee-rails (~> 4.0.0)
  compass-rails
  devise (~> 3.4.1)
  did_you_mean
  dotenv (~> 1.0.2)
  exception_notification (~> 4.0.1)
  font-awesome-rails
  htmlentities (~> 4.3.2)
  jquery-rails
  paperclip (~> 4.2.0)
  pg
  rails (= 4.1.7)
  rails_12factor
  rvm-capistrano
  sass-rails (~> 4.0.3)
  slim (~> 2.0.3)
  uglifier (>= 1.3.0)
  will_paginate (~> 3.0.7)
  will_paginate-bootstrap (~> 1.0.1)
